PATH
  remote: .
  specs:
    rack-url_auth (0.2.0)
      addressable
      ruby-hmac

GEM
  remote: https://rubygems.org/
  specs:
    addressable (2.5.1)
      public_suffix (~> 2.0, >= 2.0.2)
    diff-lcs (1.3)
    public_suffix (2.0.5)
    rack (1.5.2)
    rack-test (0.6.2)
      rack (>= 1.0)
    rake (12.0.0)
    rspec (3.6.0)
      rspec-core (~> 3.6.0)
      rspec-expectations (~> 3.6.0)
      rspec-mocks (~> 3.6.0)
    rspec-core (3.6.0)
      rspec-support (~> 3.6.0)
    rspec-expectations (3.6.0)
      diff-lcs (>= 1.2.0, < 2.0)
      rspec-support (~> 3.6.0)
    rspec-mocks (3.6.0)
      diff-lcs (>= 1.2.0, < 2.0)
      rspec-support (~> 3.6.0)
    rspec-support (3.6.0)
    ruby-hmac (0.4.0)

PLATFORMS
  ruby

DEPENDENCIES
  bundler (~> 1.3)
  rack (~> 1.5)
  rack-test
  rack-url_auth!
  rake
  rspec

BUNDLED WITH
   1.14.6
